GEM
  remote: https://rubygems.org/
  specs:
    coderay (1.1.0)
    hirb (0.7.1)
    method_source (0.8.2)
    pry (0.9.12.5)
      coderay (~> 1.0)
      method_source (~> 0.8)
      slop (~> 3.4)
    slop (3.4.7)
    sqlite3 (1.3.8)

PLATFORMS
  ruby

DEPENDENCIES
  hirb
  pry
  sqlite3
